GEM
  remote: https://rubygems.org/
  specs:

PLATFORMS
  arm-linux-androideabi
  x86_64-linux

DEPENDENCIES

BUNDLED WITH
   2.3.3
